GEM
  remote: https://rubygems.org/
  specs:
    chronic (0.10.2)
    firebase (0.2.6)
      httpclient
      json
    httpclient (2.8.3)
    json (2.3.1)
    mustermann (1.1.1)
      ruby2_keywords (~> 0.0.1)
    rack (2.2.3)
    rack-protection (2.2.0)
      rack
    ruby2_keywords (0.0.5)
    sinatra (2.2.0)
      mustermann (~> 1.0)
      rack (~> 2.2)
      rack-protection (= 2.2.0)
      tilt (~> 2.0)
    tilt (2.0.10)

PLATFORMS
  ruby

DEPENDENCIES
  chronic
  firebase
  sinatra

BUNDLED WITH
   1.15.1
